GEM
  remote: http://rubygems.org/
  specs:
    em-socksify (0.2.1)
      eventmachine (>= 1.0.0.beta.4)
    eventmachine (1.0.0.rc.4)
    eventmachine (1.0.0.rc.4-java)
    facets (2.9.0)
    glimmer (0.1.3)
      facets (= 2.9.0)
      facets (= 2.9.0)
    iniparse (1.1.5)
    jruby-jars (1.6.7.2)
    jruby-rack (1.1.9)
    rake (0.9.2.2)
    rubyzip (0.9.9)
    torchat (0.0.1.rc.1)
      em-socksify
      eventmachine (>= 1.0.0.rc.4)
      iniparse
    warbler (1.3.6)
      jruby-jars (>= 1.4.0)
      jruby-rack (>= 1.0.0)
      rake (>= 0.8.7)
      rubyzip (>= 0.9.4)

PLATFORMS
  java
  ruby

DEPENDENCIES
  glimmer
  torchat
  warbler
